GEM
  remote: http://rubygems.org/
  specs:
    newrelic_rpm (3.6.8.168)
    rack (1.5.2)

PLATFORMS
  ruby

DEPENDENCIES
  newrelic_rpm
  rack
